{
    "InstitutionAddress": "Westmead Innovation Quarter Building U, Level 4/160 Hawkesbury Rd, Westmead NSW 2145 Australia",
    "InstitutionName": "Western Sydney University",
    "InstitutionalDepartmentName": "The MARCS Institute for Brain, Behaviour and Development",
    "PowerLineFrequency": 50,
    "ManufacturersModelName": "ActiveTwo",
    "TaskName": "task-video",
    "TaskDescription": "Participants viewed touch video stimuli while EEG data was recorded.",
    "Instructions": "Sit comfortably, minimise movement, and watch the videos attentively.",
    "EEGReference": "CMS/DRL",
    "EEGGround": "CMS electrode",
    "EEGPlacementScheme": "10-20 system",
    "CapManufacturer": "BioSemi",
    "CapManufacturersModelName": "BioSemi 64-channel cap",
    "Manufacturer": "BioSemi",
    "DeviceSerialNumber": "unknown",
    "SamplingFrequency": 2048,
    "EEGChannelCount": 64,
    "EOGChannelCount": 0,
    "ECGChannelCount": 0,
    "EMGChannelCount": 0,
    "MISCChannelCount": 0,
    "TriggerChannelCount": 1,
    "RecordingType": "continuous",
    "RecordingDuration": 3300,
    "EpochLength": 0.9,
    "HardwareFilters": "n/a",
    "SoftwareFilters": "n/a",
    "SoftwareVersions": "MNE-Python 1.7, PsychoPy 2023.3.1",
    "StimulusPresentation": {
        "PresentationSoftware": "PsychoPy",
        "PresentationSoftwareVersion": "2023.3.1",
        "Device": "ViewPixx 24-inch monitor",
        "DeviceModelNumber": "VPX-VPX-2006B",
        "DeviceSerialNumber": "65020-1950",
        "RefreshRate": 120
    },
    "SubjectArtefactDescription": "n/a",
    "CogAtlasID": "n/a",
    "CogPOID": "n/a"
}